GEM
  remote: https://rubygems.org/
  specs:
    bubble-wrap (1.9.1)
    rake (10.4.2)

PLATFORMS
  ruby

DEPENDENCIES
  bubble-wrap
  rake

BUNDLED WITH
   1.10.5
